GEM
  remote: http://rubygems.org/
  specs:
    aws-sdk (1.1.1)
      httparty (~> 0.7)
      json (~> 1.4)
      nokogiri (>= 1.4.4)
      uuidtools (~> 2.1)
    httparty (0.21.0)
      mini_mime (>= 1.0.0)
      multi_xml (>= 0.5.2)
    json (1.5.3)
    mini_mime (1.1.2)
    multi_xml (0.6.0)
    net-ssh (2.2.0)
    nokogiri (1.5.0)
    uuidtools (2.1.2)

PLATFORMS
  ruby

DEPENDENCIES
  aws-sdk
  net-ssh
